STORAGE: NONE
RESTRICTION: == net9.0
NUGET
  remote: https://api.nuget.org/v3/index.json
    Azure.Core (1.45)
      Microsoft.Bcl.AsyncInterfaces (>= 6.0)
      System.ClientModel (>= 1.2.1)
      System.Memory.Data (>= 6.0)
      System.Threading.Tasks.Extensions (>= 4.5.4)
    Azure.Data.Tables (12.10)
      Azure.Core (>= 1.44.1)
    Azure.Storage.Blobs (12.24)
      Azure.Storage.Common (>= 12.23)
    Azure.Storage.Common (12.23)
      Azure.Core (>= 1.44.1)
      System.IO.Hashing (>= 6.0)
    Fable.AST (4.3)
    Fable.Browser.Blob (1.3)
      Fable.Core (>= 3.0)
      FSharp.Core (>= 4.7.2)
    Fable.Browser.Dom (2.14)
      Fable.Browser.Blob (>= 1.3)
      Fable.Browser.Event (>= 1.5)
      Fable.Browser.WebStorage (>= 1.2)
      Fable.Core (>= 3.2.8)
      FSharp.Core (>= 4.7.2)
    Fable.Browser.Event (1.5)
      Fable.Browser.Gamepad (>= 1.1)
      Fable.Core (>= 3.0)
      FSharp.Core (>= 4.7.2)
    Fable.Browser.Gamepad (1.2)
      Fable.Core (>= 3.0)
      FSharp.Core (>= 4.7.2)
    Fable.Browser.WebStorage (1.2)
      Fable.Browser.Event (>= 1.5)
      Fable.Core (>= 3.0)
      FSharp.Core (>= 4.7.2)
    Fable.Browser.XMLHttpRequest (1.3)
      Fable.Browser.Blob (>= 1.3)
      Fable.Browser.Event (>= 1.5)
      Fable.Core (>= 3.0)
      FSharp.Core (>= 4.7.2)
    Fable.Core (4.5)
    Fable.Elmish (4.1)
      Fable.Core (>= 3.7.1)
      FSharp.Core (>= 4.7.2)
    Fable.Parsimmon (4.1)
      Fable.Core (>= 3.0)
      FSharp.Core (>= 4.6.2)
    Fable.React (9.4)
      Fable.React.Types (>= 18.3)
      Fable.ReactDom.Types (>= 18.2)
      FSharp.Core (>= 4.7.2)
    Fable.React.Types (18.3)
      Fable.Browser.Dom (>= 2.4.4)
      Fable.Core (>= 3.2.7)
      FSharp.Core (>= 4.7.2)
    Fable.ReactDom.Types (18.2)
      Fable.React.Types (>= 18.3)
      FSharp.Core (>= 4.7.2)
    Fable.Remoting.Client (7.32)
      Fable.Browser.XMLHttpRequest (>= 1.0)
      Fable.Core (>= 3.1.5)
      Fable.Remoting.MsgPack (>= 1.24)
      Fable.SimpleJson (>= 3.24)
      FSharp.Core (>= 4.7.2)
    Fable.Remoting.Giraffe (5.21)
      Fable.Remoting.Server (>= 5.39)
      FSharp.Core (>= 6.0)
      Giraffe (>= 5.0)
      Microsoft.IO.RecyclableMemoryStream (>= 3.0 < 4.0)
    Fable.Remoting.Json (2.25)
      FSharp.Core (>= 6.0)
      Newtonsoft.Json (>= 13.0.3)
    Fable.Remoting.MsgPack (1.24)
      FSharp.Core (>= 4.7.2)
    Fable.Remoting.Server (5.39)
      Fable.Remoting.Json (>= 2.25)
      Fable.Remoting.MsgPack (>= 1.24)
      FSharp.Core (>= 6.0)
      Microsoft.IO.RecyclableMemoryStream (>= 3.0 < 4.0)
    Fable.SimpleHttp (3.6)
      Fable.Browser.Dom (>= 1.0)
      Fable.Browser.XMLHttpRequest (>= 1.1)
      Fable.Core (>= 3.0)
      FSharp.Core (>= 4.6.2)
    Fable.SimpleJson (3.24)
      Fable.Core (>= 3.1.5)
      Fable.Parsimmon (>= 4.0)
      FSharp.Core (>= 4.7)
    Feliz (2.9)
      Fable.ReactDom.Types (>= 18.2)
      Feliz.CompilerPlugins (>= 2.2)
      FSharp.Core (>= 4.7.2)
    Feliz.CompilerPlugins (2.2)
      Fable.AST (>= 4.2.1)
      FSharp.Core (>= 4.7.2)
    Feliz.DaisyUI (5.0)
      Feliz (>= 2.9)
      FSharp.Core (>= 4.7.2)
    Feliz.Router (4.0)
      Fable.Elmish (>= 4.0)
      Feliz (>= 2.3)
      FSharp.Core (>= 4.7.2)
    Feliz.UseElmish (2.5)
      Fable.Elmish (>= 4.0)
      FSharp.Core (>= 4.7.2)
    Feliz.ViewEngine (0.24)
      FSharp.Core (>= 4.7)
    FSharp.Control.AsyncSeq (3.2.1)
      FSharp.Core (>= 4.7.2)
      Microsoft.Bcl.AsyncInterfaces (>= 5.0)
    FSharp.Core (8.0.100)
    FSharp.SystemTextJson (1.3.13)
      FSharp.Core (>= 4.7)
      System.Text.Json (>= 6.0)
    FsToolkit.ErrorHandling (4.18)
      FSharp.Core (>= 7.0.300)
    FsToolkit.ErrorHandling.TaskResult (4.18)
      FsToolkit.ErrorHandling (>= 4.18)
    Giraffe (7.0.2)
      FSharp.Core (>= 6.0)
      FSharp.SystemTextJson (>= 1.3.13)
      Giraffe.ViewEngine (>= 1.4)
      Microsoft.IO.RecyclableMemoryStream (>= 3.0.1)
      System.Text.Json (>= 8.0.5)
    Giraffe.GoodRead (2.1)
      FSharp.Core (>= 7.0)
      Giraffe (>= 6.0)
    Giraffe.ViewEngine (1.4)
      FSharp.Core (>= 5.0)
    Markdig (0.40)
    Microsoft.ApplicationInsights (2.23)
      System.Diagnostics.DiagnosticSource (>= 5.0)
    Microsoft.ApplicationInsights.AspNetCore (2.23)
      Microsoft.ApplicationInsights (>= 2.23)
      Microsoft.ApplicationInsights.DependencyCollector (>= 2.23)
      Microsoft.ApplicationInsights.EventCounterCollector (>= 2.23)
      Microsoft.ApplicationInsights.PerfCounterCollector (>= 2.23)
      Microsoft.ApplicationInsights.WindowsServer (>= 2.23)
      Microsoft.ApplicationInsights.WindowsServer.TelemetryChannel (>= 2.23)
      Microsoft.AspNetCore.Hosting (>= 2.1.1)
      Microsoft.AspNetCore.Http (>= 2.1.22)
      Microsoft.Extensions.Configuration.Json (>= 3.1)
      Microsoft.Extensions.Logging.ApplicationInsights (>= 2.23)
      System.Text.Encodings.Web (>= 4.7.2)
    Microsoft.ApplicationInsights.DependencyCollector (2.23)
      Microsoft.ApplicationInsights (>= 2.23)
      System.Diagnostics.DiagnosticSource (>= 5.0)
    Microsoft.ApplicationInsights.EventCounterCollector (2.23)
      Microsoft.ApplicationInsights (>= 2.23)
    Microsoft.ApplicationInsights.PerfCounterCollector (2.23)
      Microsoft.ApplicationInsights (>= 2.23)
      Microsoft.Extensions.Caching.Memory (>= 1.0)
      System.Diagnostics.PerformanceCounter (>= 6.0)
    Microsoft.ApplicationInsights.WindowsServer (2.23)
      Microsoft.ApplicationInsights (>= 2.23)
      Microsoft.ApplicationInsights.DependencyCollector (>= 2.23)
      Microsoft.ApplicationInsights.PerfCounterCollector (>= 2.23)
      Microsoft.ApplicationInsights.WindowsServer.TelemetryChannel (>= 2.23)
      System.Diagnostics.DiagnosticSource (>= 5.0)
    Microsoft.ApplicationInsights.WindowsServer.TelemetryChannel (2.23)
      Microsoft.ApplicationInsights (>= 2.23)
      System.IO.FileSystem.AccessControl (>= 4.7)
    Microsoft.AspNetCore.Hosting (2.2.7)
      Microsoft.AspNetCore.Hosting.Abstractions (>= 2.2)
      Microsoft.AspNetCore.Http (>= 2.2)
      Microsoft.AspNetCore.Http.Extensions (>= 2.2)
      Microsoft.Extensions.Configuration (>= 2.2)
      Microsoft.Extensions.Configuration.EnvironmentVariables (>= 2.2.4)
      Microsoft.Extensions.Configuration.FileExtensions (>= 2.2)
      Microsoft.Extensions.DependencyInjection (>= 2.2)
      Microsoft.Extensions.FileProviders.Physical (>= 2.2)
      Microsoft.Extensions.Hosting.Abstractions (>= 2.2)
      Microsoft.Extensions.Logging (>= 2.2)
      Microsoft.Extensions.Options (>= 2.2)
      System.Diagnostics.DiagnosticSource (>= 4.5.1)
      System.Reflection.Metadata (>= 1.6)
    Microsoft.AspNetCore.Hosting.Abstractions (2.2)
      Microsoft.AspNetCore.Hosting.Server.Abstractions (>= 2.2)
      Microsoft.AspNetCore.Http.Abstractions (>= 2.2)
      Microsoft.Extensions.Hosting.Abstractions (>= 2.2)
    Microsoft.AspNetCore.Hosting.Server.Abstractions (2.2)
      Microsoft.AspNetCore.Http.Features (>= 2.2)
      Microsoft.Extensions.Configuration.Abstractions (>= 2.2)
    Microsoft.AspNetCore.Http (2.2.2)
      Microsoft.AspNetCore.Http.Abstractions (>= 2.2)
      Microsoft.AspNetCore.WebUtilities (>= 2.2)
      Microsoft.Extensions.ObjectPool (>= 2.2)
      Microsoft.Extensions.Options (>= 2.2)
      Microsoft.Net.Http.Headers (>= 2.2)
    Microsoft.AspNetCore.Http.Abstractions (2.2)
      Microsoft.AspNetCore.Http.Features (>= 2.2)
      System.Text.Encodings.Web (>= 4.5)
    Microsoft.AspNetCore.Http.Extensions (2.2)
      Microsoft.AspNetCore.Http.Abstractions (>= 2.2)
      Microsoft.Extensions.FileProviders.Abstractions (>= 2.2)
      Microsoft.Net.Http.Headers (>= 2.2)
      System.Buffers (>= 4.5)
    Microsoft.AspNetCore.Http.Features (5.0.17)
      Microsoft.Extensions.Primitives (>= 5.0.1)
      System.IO.Pipelines (>= 5.0.2)
    Microsoft.AspNetCore.WebUtilities (8.0)
      Microsoft.Net.Http.Headers (>= 8.0)
      System.IO.Pipelines (>= 8.0)
    Microsoft.Bcl.AsyncInterfaces (8.0)
    Microsoft.Extensions.Caching.Abstractions (8.0)
      Microsoft.Extensions.Primitives (>= 8.0)
    Microsoft.Extensions.Caching.Memory (8.0)
      Microsoft.Extensions.Caching.Abstractions (>= 8.0)
      Microsoft.Extensions.DependencyInjection.Abstractions (>= 8.0)
      Microsoft.Extensions.Logging.Abstractions (>= 8.0)
      Microsoft.Extensions.Options (>= 8.0)
      Microsoft.Extensions.Primitives (>= 8.0)
    Microsoft.Extensions.Configuration (8.0)
      Microsoft.Extensions.Configuration.Abstractions (>= 8.0)
      Microsoft.Extensions.Primitives (>= 8.0)
    Microsoft.Extensions.Configuration.Abstractions (8.0)
      Microsoft.Extensions.Primitives (>= 8.0)
    Microsoft.Extensions.Configuration.EnvironmentVariables (8.0)
      Microsoft.Extensions.Configuration (>= 8.0)
      Microsoft.Extensions.Configuration.Abstractions (>= 8.0)
    Microsoft.Extensions.Configuration.FileExtensions (8.0)
      Microsoft.Extensions.Configuration (>= 8.0)
      Microsoft.Extensions.Configuration.Abstractions (>= 8.0)
      Microsoft.Extensions.FileProviders.Abstractions (>= 8.0)
      Microsoft.Extensions.FileProviders.Physical (>= 8.0)
      Microsoft.Extensions.Primitives (>= 8.0)
    Microsoft.Extensions.Configuration.Json (8.0)
      Microsoft.Extensions.Configuration (>= 8.0)
      Microsoft.Extensions.Configuration.Abstractions (>= 8.0)
      Microsoft.Extensions.Configuration.FileExtensions (>= 8.0)
      Microsoft.Extensions.FileProviders.Abstractions (>= 8.0)
      System.Text.Json (>= 8.0)
    Microsoft.Extensions.DependencyInjection (8.0)
      Microsoft.Extensions.DependencyInjection.Abstractions (>= 8.0)
    Microsoft.Extensions.DependencyInjection.Abstractions (8.0)
    Microsoft.Extensions.Diagnostics.Abstractions (8.0)
      Microsoft.Extensions.DependencyInjection.Abstractions (>= 8.0)
      Microsoft.Extensions.Options (>= 8.0)
      System.Diagnostics.DiagnosticSource (>= 8.0)
    Microsoft.Extensions.FileProviders.Abstractions (8.0)
      Microsoft.Extensions.Primitives (>= 8.0)
    Microsoft.Extensions.FileProviders.Physical (8.0)
      Microsoft.Extensions.FileProviders.Abstractions (>= 8.0)
      Microsoft.Extensions.FileSystemGlobbing (>= 8.0)
      Microsoft.Extensions.Primitives (>= 8.0)
    Microsoft.Extensions.FileSystemGlobbing (8.0)
    Microsoft.Extensions.Hosting.Abstractions (8.0)
      Microsoft.Extensions.Configuration.Abstractions (>= 8.0)
      Microsoft.Extensions.DependencyInjection.Abstractions (>= 8.0)
      Microsoft.Extensions.Diagnostics.Abstractions (>= 8.0)
      Microsoft.Extensions.FileProviders.Abstractions (>= 8.0)
      Microsoft.Extensions.Logging.Abstractions (>= 8.0)
    Microsoft.Extensions.Logging (8.0)
      Microsoft.Extensions.DependencyInjection (>= 8.0)
      Microsoft.Extensions.Logging.Abstractions (>= 8.0)
      Microsoft.Extensions.Options (>= 8.0)
    Microsoft.Extensions.Logging.Abstractions (8.0)
      Microsoft.Extensions.DependencyInjection.Abstractions (>= 8.0)
    Microsoft.Extensions.Logging.ApplicationInsights (2.23)
      Microsoft.ApplicationInsights (>= 2.23)
      Microsoft.Extensions.Logging (>= 2.1.1)
    Microsoft.Extensions.ObjectPool (8.0)
    Microsoft.Extensions.Options (8.0)
      Microsoft.Extensions.DependencyInjection.Abstractions (>= 8.0)
      Microsoft.Extensions.Primitives (>= 8.0)
    Microsoft.Extensions.Primitives (8.0)
    Microsoft.IO.RecyclableMemoryStream (3.0.1)
    Microsoft.Net.Http.Headers (8.0)
      Microsoft.Extensions.Primitives (>= 8.0)
    Newtonsoft.Json (13.0.3)
    System.Buffers (4.5.1)
    System.ClientModel (1.3)
      Microsoft.Extensions.Logging.Abstractions (>= 6.0)
      System.Memory.Data (>= 6.0)
    System.Collections.Immutable (8.0)
    System.Configuration.ConfigurationManager (8.0)
      System.Diagnostics.EventLog (>= 8.0)
      System.Security.Cryptography.ProtectedData (>= 8.0)
    System.Diagnostics.DiagnosticSource (8.0)
    System.Diagnostics.EventLog (8.0)
    System.Diagnostics.PerformanceCounter (8.0)
      System.Configuration.ConfigurationManager (>= 8.0)
    System.IO.FileSystem.AccessControl (5.0)
      System.Security.AccessControl (>= 5.0)
      System.Security.Principal.Windows (>= 5.0)
    System.IO.Hashing (8.0)
    System.IO.Pipelines (8.0)
    System.Memory.Data (8.0)
      System.Text.Json (>= 8.0)
    System.Reflection.Metadata (8.0)
      System.Collections.Immutable (>= 8.0)
    System.Security.AccessControl (6.0)
    System.Security.Cryptography.ProtectedData (8.0)
    System.Security.Principal.Windows (5.0)
    System.Text.Encodings.Web (8.0)
    System.Text.Json (9.0.3)
    System.Threading.Tasks.Extensions (4.5.4)
    Tables.FSharp (1.2)
      Azure.Data.Tables (>= 12.4)
      FSharp.Core (>= 4.3.1)

GROUP Build
STORAGE: NONE
RESTRICTION: == net9.0
NUGET
  remote: https://api.nuget.org/v3/index.json
    BlackFox.VsWhere (1.1)
      FSharp.Core (>= 4.2.3)
      Microsoft.Win32.Registry (>= 4.7)
    Fake.Core.CommandLineParsing (6.1.3)
      FParsec (>= 1.1.1)
      FSharp.Core (>= 8.0.301)
    Fake.Core.Context (6.1.3)
      FSharp.Core (>= 8.0.301)
    Fake.Core.Environment (6.1.3)
      FSharp.Core (>= 8.0.301)
    Fake.Core.FakeVar (6.1.3)
      Fake.Core.Context (>= 6.1.3)
      FSharp.Core (>= 8.0.301)
    Fake.Core.Process (6.1.3)
      Fake.Core.Environment (>= 6.1.3)
      Fake.Core.FakeVar (>= 6.1.3)
      Fake.Core.String (>= 6.1.3)
      Fake.Core.Trace (>= 6.1.3)
      Fake.IO.FileSystem (>= 6.1.3)
      FSharp.Core (>= 8.0.301)
      System.Collections.Immutable (>= 8.0)
    Fake.Core.SemVer (6.1.3)
      FSharp.Core (>= 8.0.301)
    Fake.Core.String (6.1.3)
      FSharp.Core (>= 8.0.301)
    Fake.Core.Target (6.1.3)
      Fake.Core.CommandLineParsing (>= 6.1.3)
      Fake.Core.Context (>= 6.1.3)
      Fake.Core.Environment (>= 6.1.3)
      Fake.Core.FakeVar (>= 6.1.3)
      Fake.Core.Process (>= 6.1.3)
      Fake.Core.String (>= 6.1.3)
      Fake.Core.Trace (>= 6.1.3)
      FSharp.Control.Reactive (>= 5.0.2)
      FSharp.Core (>= 8.0.301)
    Fake.Core.Tasks (6.1.3)
      Fake.Core.Trace (>= 6.1.3)
      FSharp.Core (>= 8.0.301)
    Fake.Core.Trace (6.1.3)
      Fake.Core.Environment (>= 6.1.3)
      Fake.Core.FakeVar (>= 6.1.3)
      FSharp.Core (>= 8.0.301)
    Fake.Core.Xml (6.1.3)
      Fake.Core.String (>= 6.1.3)
      FSharp.Core (>= 8.0.301)
    Fake.DotNet.Cli (6.1.3)
      Fake.Core.Environment (>= 6.1.3)
      Fake.Core.Process (>= 6.1.3)
      Fake.Core.String (>= 6.1.3)
      Fake.Core.Trace (>= 6.1.3)
      Fake.DotNet.MSBuild (>= 6.1.3)
      Fake.DotNet.NuGet (>= 6.1.3)
      Fake.IO.FileSystem (>= 6.1.3)
      FSharp.Core (>= 8.0.301)
      Mono.Posix.NETStandard (>= 1.0)
      Newtonsoft.Json (>= 13.0.3)
    Fake.DotNet.MSBuild (6.1.3)
      BlackFox.VsWhere (>= 1.1)
      Fake.Core.Environment (>= 6.1.3)
      Fake.Core.Process (>= 6.1.3)
      Fake.Core.String (>= 6.1.3)
      Fake.Core.Trace (>= 6.1.3)
      Fake.IO.FileSystem (>= 6.1.3)
      FSharp.Core (>= 8.0.301)
      MSBuild.StructuredLogger (>= 2.1.815)
    Fake.DotNet.NuGet (6.1.3)
      Fake.Core.Environment (>= 6.1.3)
      Fake.Core.Process (>= 6.1.3)
      Fake.Core.SemVer (>= 6.1.3)
      Fake.Core.String (>= 6.1.3)
      Fake.Core.Tasks (>= 6.1.3)
      Fake.Core.Trace (>= 6.1.3)
      Fake.Core.Xml (>= 6.1.3)
      Fake.IO.FileSystem (>= 6.1.3)
      Fake.Net.Http (>= 6.1.3)
      FSharp.Core (>= 8.0.301)
      Newtonsoft.Json (>= 13.0.3)
      NuGet.Protocol (>= 6.10.1)
    Fake.IO.FileSystem (6.1.3)
      Fake.Core.String (>= 6.1.3)
      Fake.Core.Trace (>= 6.1.3)
      FSharp.Core (>= 8.0.301)
    Fake.Net.Http (6.1.3)
      Fake.Core.Trace (>= 6.1.3)
      FSharp.Core (>= 8.0.301)
    FParsec (1.1.1)
      FSharp.Core (>= 4.3.4)
    FSharp.Control.Reactive (5.0.5)
      FSharp.Core (>= 4.7.2)
      System.Reactive (>= 5.0 < 6.0)
    FSharp.Core (9.0.201)
    Microsoft.Build.Framework (17.8.3)
    Microsoft.Build.Utilities.Core (17.8.3)
      Microsoft.Build.Framework (>= 17.8.3)
      Microsoft.NET.StringTools (>= 17.8.3)
      Microsoft.VisualStudio.Setup.Configuration.Interop (>= 3.2.2146)
      System.Collections.Immutable (>= 7.0)
      System.Configuration.ConfigurationManager (>= 7.0)
    Microsoft.NET.StringTools (17.8.3)
    Microsoft.VisualStudio.Setup.Configuration.Interop (3.8.2112)
    Microsoft.Win32.Registry (5.0)
      System.Security.AccessControl (>= 5.0)
      System.Security.Principal.Windows (>= 5.0)
    Mono.Posix.NETStandard (1.0)
    MSBuild.StructuredLogger (2.2.2)
      Microsoft.Build.Framework (>= 17.5)
      Microsoft.Build.Utilities.Core (>= 17.5)
    Newtonsoft.Json (13.0.3)
    NuGet.Common (6.13.2)
      NuGet.Frameworks (>= 6.13.2)
      System.Collections.Immutable (>= 8.0)
    NuGet.Configuration (6.13.2)
      NuGet.Common (>= 6.13.2)
      System.Security.Cryptography.ProtectedData (>= 4.4)
    NuGet.Frameworks (6.13.2)
    NuGet.Packaging (6.13.2)
      Newtonsoft.Json (>= 13.0.3)
      NuGet.Configuration (>= 6.13.2)
      NuGet.Versioning (>= 6.13.2)
      System.Formats.Asn1 (>= 8.0.1)
      System.Security.Cryptography.Pkcs (>= 6.0.4)
    NuGet.Protocol (6.13.2)
      NuGet.Packaging (>= 6.13.2)
    NuGet.Versioning (6.13.2)
    System.Collections.Immutable (8.0)
    System.Configuration.ConfigurationManager (8.0)
      System.Diagnostics.EventLog (>= 8.0)
      System.Security.Cryptography.ProtectedData (>= 8.0)
    System.Diagnostics.EventLog (8.0)
    System.Formats.Asn1 (9.0.3)
    System.Reactive (5.0)
    System.Security.AccessControl (6.0)
    System.Security.Cryptography.Pkcs (8.0)
      System.Formats.Asn1 (>= 8.0)
    System.Security.Cryptography.ProtectedData (8.0)
    System.Security.Principal.Windows (5.0)
